GEM
  remote: https://rubygems.org/
  specs:
    addressable (2.8.1)
      public_suffix (>= 2.0.2, < 6.0)
    date (3.3.3)
    nokogiri (1.14.2-x86_64-linux)
      racc (~> 1.4)
    open-uri (0.3.0)
      stringio
      time
      uri
    public_suffix (5.0.1)
    racc (1.6.2)
    stringio (3.0.5)
    time (0.2.1)
      date
    uri (0.12.0)

PLATFORMS
  x86_64-linux

DEPENDENCIES
  addressable (~> 2.8)
  nokogiri (~> 1.14)
  open-uri (~> 0.3.0)

BUNDLED WITH
   2.4.3
